GEM
  remote: https://rubygems.org/
  specs:
    aws-eventstream (1.2.0)
    aws-partitions (1.832.0)
    aws-sdk-core (3.185.0)
      aws-eventstream (~> 1, >= 1.0.2)
      aws-partitions (~> 1, >= 1.651.0)
      aws-sigv4 (~> 1.5)
      jmespath (~> 1, >= 1.6.1)
    aws-sdk-ec2 (1.411.0)
      aws-sdk-core (~> 3, >= 3.184.0)
      aws-sigv4 (~> 1.1)
    aws-sigv4 (1.6.0)
      aws-eventstream (~> 1, >= 1.0.2)
    httplog (1.6.2)
      rack (>= 2.0)
      rainbow (>= 2.0.0)
    jmespath (1.6.2)
    nokogiri (1.15.4-x86_64-linux)
      racc (~> 1.4)
    racc (1.7.1)
    rack (3.0.8)
    rainbow (3.1.1)

PLATFORMS
  x86_64-linux

DEPENDENCIES
  aws-sdk-ec2
  httplog
  nokogiri

BUNDLED WITH
   2.4.6
