GEM
  remote: https://rubygems.org/
  specs:
    concurrent-ruby (1.2.2)
    faker (3.2.1)
      i18n (>= 1.8.11, < 2)
    i18n (1.14.1)
      concurrent-ruby (~> 1.0)
    sshkey (3.0.0)

PLATFORMS
  x86_64-linux

DEPENDENCIES
  faker
  sshkey

BUNDLED WITH
   2.4.6
