GEM
  remote: https://rubygems.org/
  specs:
    httplog (1.6.2)
      rack (>= 2.0)
      rainbow (>= 2.0.0)
    net-sftp (4.0.0)
      net-ssh (>= 5.0.0, < 8.0.0)
    net-ssh (7.2.0)
    rack (3.0.8)
    rainbow (3.1.1)

PLATFORMS
  x86_64-linux

DEPENDENCIES
  httplog
  net-sftp
  net-ssh

BUNDLED WITH
   2.4.20
