GEM
  remote: https://rubygems.org/
  specs:
    concurrent-ruby (1.2.2)
    fileutils (1.7.1)
    hamster (3.0.0)
      concurrent-ruby (~> 1.0)
    hashie (5.0.0)
    immutable-struct (2.4.1)
    lino (3.1.0)
      hamster (~> 3.0)
      open4 (~> 1.3)
    oauth (1.1.0)
      oauth-tty (~> 1.0, >= 1.0.1)
      snaky_hash (~> 2.0)
      version_gem (~> 1.1)
    oauth-tty (1.0.5)
      version_gem (~> 1.1, >= 1.1.1)
    open4 (1.3.4)
    ruby-terraform (1.7.0)
      immutable-struct (~> 2.4)
      lino (~> 3.0)
    snaky_hash (2.0.1)
      hashie
      version_gem (~> 1.1, >= 1.1.1)
    version_gem (1.1.3)

PLATFORMS
  x86_64-darwin-21
  x86_64-linux

DEPENDENCIES
  fileutils
  oauth
  ruby-terraform (~> 1.7)

BUNDLED WITH
   2.4.10
